GEM
  remote: https://rubygems.org/
  specs:
    ffi (1.0.11)
    kicker (2.6.1)
      listen
    listen (0.4.7)
      rb-fchange (~> 0.0.5)
      rb-fsevent (~> 0.9.1)
      rb-inotify (~> 0.8.8)
    rb-fchange (0.0.5)
      ffi
    rb-fsevent (0.9.1)
    rb-inotify (0.8.8)
      ffi (>= 0.5.0)

PLATFORMS
  ruby

DEPENDENCIES
  kicker
