GEM
  remote: https://rubygems.org/
  specs:
    rack (1.4.1)
    rake (0.9.2.2)
    shotgun (0.9)
      rack (>= 1.0)
    sqlite3 (1.3.6)

PLATFORMS
  ruby

DEPENDENCIES
  rack
  rake
  shotgun
  sqlite3
